PATH
  remote: .
  specs:
    efax (1.5.0)
      builder (~> 3.1)
      hpricot (~> 0.8.1)

GEM
  remote: http://rubygems.org/
  specs:
    builder (3.2.4)
    hpricot (0.8.6)
    mocha (0.9.12)
    rake (0.9.2)
    test-unit (2.3.2)

PLATFORMS
  ruby

DEPENDENCIES
  efax!
  mocha (~> 0.9.12)
  rake
  test-unit (~> 2.3.2)

BUNDLED WITH
   1.17.2
